GEM
  remote: https://rubygems.org/
  specs:
    asciidoctor (2.0.18)

PLATFORMS
  arm64-darwin-21

DEPENDENCIES
  asciidoctor (~> 2.0, >= 2.0.18)

BUNDLED WITH
   2.3.3
