PATH
  remote: .
  specs:
    ottogen (0.0.1)

GEM
  remote: https://rubygems.org/
  specs:
    asciidoctor (2.0.18)
    diff-lcs (1.3)
    rspec (3.5.0)
      rspec-core (~> 3.5.0)
      rspec-expectations (~> 3.5.0)
      rspec-mocks (~> 3.5.0)
    rspec-core (3.5.4)
      rspec-support (~> 3.5.0)
    rspec-expectations (3.5.0)
      diff-lcs (>= 1.2.0, < 2.0)
      rspec-support (~> 3.5.0)
    rspec-mocks (3.5.0)
      diff-lcs (>= 1.2.0, < 2.0)
      rspec-support (~> 3.5.0)
    rspec-support (3.5.0)
    thor (1.2.1)
    webrick (1.7.0)

PLATFORMS
  arm64-darwin-21

DEPENDENCIES
  asciidoctor (~> 2.0, >= 2.0.18)
  ottogen!
  rspec
  thor (~> 1.2, >= 1.2.1)
  webrick (~> 1.7)

BUNDLED WITH
   2.3.3
